GEM
  remote: https://rubygems.org/
  specs:
    mini_portile2 (2.3.0)
    mustache (1.0.5)
    nokogiri (1.8.2)
      mini_portile2 (~> 2.3.0)
    thread_safe (0.3.6)
    tzinfo (1.2.5)
      thread_safe (~> 0.1)
    tzinfo-data (1.2018.3)
      tzinfo (>= 1.0.0)

PLATFORMS
  ruby

DEPENDENCIES
  mustache (~> 1.0)
  nokogiri
  tzinfo
  tzinfo-data

BUNDLED WITH
   1.16.1
